GIT
  remote: https://github.com/rubysec/bundler-audit.git
  revision: 4e32fca89d75f0e249671431ff38aadc02bfb28b
  ref: 4e32fca
  specs:
    bundler-audit (0.4.0)
      bundler (~> 1.2)
      thor (~> 0.18)

PATH
  remote: ../fieri
  specs:
    fieri (0.0.1)
      dotenv-rails
      foodcritic
      rails (~> 4.1.14.2)
      sidekiq

GEM
  remote: https://rubygems.org/
  specs:
    actionmailer (4.1.14.2)
      actionpack (= 4.1.14.2)
      actionview (= 4.1.14.2)
      mail (~> 2.5, >= 2.5.4)
    actionpack (4.1.14.2)
      actionview (= 4.1.14.2)
      activesupport (= 4.1.14.2)
      rack (~> 1.5.2)
      rack-test (~> 0.6.2)
    actionview (4.1.14.2)
      activesupport (= 4.1.14.2)
      builder (~> 3.1)
      erubis (~> 2.7.0)
    activemodel (4.1.14.2)
      activesupport (= 4.1.14.2)
      builder (~> 3.1)
    activerecord (4.1.14.2)
      activemodel (= 4.1.14.2)
      activesupport (= 4.1.14.2)
      arel (~> 5.0.0)
    activesupport (4.1.14.2)
      i18n (~> 0.6, >= 0.6.9)
      json (~> 1.7, >= 1.7.7)
      minitest (~> 5.1)
      thread_safe (~> 0.1)
      tzinfo (~> 1.1)
    addressable (2.3.8)
    and_feathers (1.0.0.pre.2)
    and_feathers-gzipped_tarball (1.0.0.pre)
    arel (5.0.1.20140414130214)
    ast (2.2.0)
    aws-sdk (1.57.0)
      aws-sdk-v1 (= 1.57.0)
    aws-sdk-v1 (1.57.0)
      json (~> 1.4)
      nokogiri (>= 1.4.4)
    axiom-types (0.1.1)
      descendants_tracker (~> 0.0.4)
      ice_nine (~> 0.11.0)
      thread_safe (~> 0.3, >= 0.3.1)
    brakeman (3.1.1)
      erubis (~> 2.6)
      fastercsv (~> 1.5)
      haml (>= 3.0, < 5.0)
      highline (~> 1.6)
      multi_json (~> 1.2)
      ruby2ruby (>= 2.1.1, < 2.3.0)
      ruby_parser (~> 3.7.0)
      sass (~> 3.0)
      slim (>= 1.3.6, < 4.0)
      terminal-table (~> 1.4)
    builder (3.2.2)
    byebug (3.4.0)
      columnize (~> 0.8)
      debugger-linecache (~> 1.2)
      slop (~> 3.6)
    capybara (2.6.0)
      addressable
      mime-types (>= 1.16)
      nokogiri (>= 1.3.3)
      rack (>= 1.0.0)
      rack-test (>= 0.5.4)
      xpath (~> 2.0)
    celluloid (0.17.3)
      celluloid-essentials
      celluloid-extras
      celluloid-fsm
      celluloid-pool
      celluloid-supervision
      timers (>= 4.1.1)
    celluloid-essentials (0.20.5)
      timers (>= 4.1.1)
    celluloid-extras (0.20.5)
      timers (>= 4.1.1)
    celluloid-fsm (0.20.5)
      timers (>= 4.1.1)
    celluloid-pool (0.20.5)
      timers (>= 4.1.1)
    celluloid-supervision (0.20.6)
      timers (>= 4.1.1)
    chef (12.0.1)
      chef-zero (~> 3.2)
      diff-lcs (~> 1.2, >= 1.2.4)
      erubis (~> 2.7)
      ffi-yajl (~> 1.2)
      highline (~> 1.6, >= 1.6.9)
      mixlib-authentication (~> 1.3)
      mixlib-cli (~> 1.4)
      mixlib-config (~> 2.0)
      mixlib-log (~> 1.3)
      mixlib-shellout (>= 2.0.0.rc.0, < 3.0)
      net-ssh (~> 2.6)
      net-ssh-multi (~> 1.1)
      ohai (~> 8.0)
      plist (~> 3.1.0)
      pry (~> 0.9)
    chef-zero (3.2.1)
      ffi-yajl (~> 1.1)
      hashie (~> 2.0)
      mixlib-log (~> 1.3)
      rack
      uuidtools (~> 2.1)
    chunky_png (1.3.1)
    climate_control (0.0.3)
      activesupport (>= 3.0)
    cliver (0.3.2)
    cocaine (0.5.8)
      climate_control (>= 0.0.3, < 1.0)
    coderay (1.1.0)
    coercible (1.0.0)
      descendants_tracker (~> 0.0.1)
    columnize (0.8.9)
    compass (0.12.7)
      chunky_png (~> 1.2)
      fssm (>= 0.2.7)
      sass (~> 3.2.19)
    compass-rails (2.0.0)
      compass (>= 0.12.2)
    concurrent-ruby (1.0.2)
    connection_pool (2.2.0)
    crack (0.4.2)
      safe_yaml (~> 1.0.0)
    css_parser (1.3.5)
      addressable
    cucumber-core (1.4.0)
      gherkin (~> 3.2.0)
    database_cleaner (1.3.0)
    debugger-linecache (1.2.0)
    descendants_tracker (0.0.4)
      thread_safe (~> 0.3, >= 0.3.1)
    diff-lcs (1.2.5)
    dotenv (0.11.1)
      dotenv-deployment (~> 0.0.2)
    dotenv-deployment (0.0.2)
    dotenv-rails (0.11.1)
      dotenv (= 0.11.1)
    equalizer (0.0.9)
    erubis (2.7.0)
    execjs (2.6.0)
    factory_girl (4.5.0)
      activesupport (>= 3.0.0)
    faker (1.4.3)
      i18n (~> 0.5)
    faraday (0.9.1)
      multipart-post (>= 1.2, < 3)
    fastercsv (1.5.5)
    ffi (1.9.10)
    ffi-yajl (1.4.0)
      ffi (~> 1.5)
      libyajl2 (~> 1.2)
    foodcritic (6.2.0)
      cucumber-core (>= 1.3)
      erubis
      nokogiri (>= 1.5, < 2.0)
      rake
      rufus-lru (~> 1.0)
      treetop (~> 1.4)
      yajl-ruby (~> 1.1)
    foreman (0.75.0)
      dotenv (~> 0.11.1)
      thor (~> 0.19.1)
    formatador (0.2.5)
    fssm (0.2.10)
    gherkin (3.2.0)
    guard (2.13.0)
      formatador (>= 0.2.4)
      listen (>= 2.7, <= 4.0)
      lumberjack (~> 1.0)
      nenv (~> 0.1)
      notiffany (~> 0.0)
      pry (>= 0.9.12)
      shellany (~> 0.0)
      thor (>= 0.18.1)
    guard-compat (1.2.1)
    guard-rspec (4.6.4)
      guard (~> 2.1)
      guard-compat (~> 1.1)
      rspec (>= 2.99.0, < 4.0)
    guard-rubocop (1.2.0)
      guard (~> 2.0)
      rubocop (~> 0.20)
    haml (4.0.7)
      tilt
    hashie (2.1.2)
    highline (1.7.8)
    hike (1.2.3)
    hitimes (1.2.4)
    html_truncator (0.4.0)
      nokogiri (~> 1.5)
    htmlentities (4.3.4)
    httparty (0.13.1)
      json (~> 1.8)
      multi_xml (>= 0.5.2)
    i18n (0.7.0)
    ice_cube (0.13.3)
    ice_nine (0.11.0)
    ipaddress (0.8.0)
    jbuilder (2.2.4)
      activesupport (>= 3.0.0, < 5)
      multi_json (~> 1.2)
    json (1.8.3)
    jwt (1.2.0)
    kaminari (0.16.1)
      actionpack (>= 3.0.0)
      activesupport (>= 3.0.0)
    kgio (2.9.2)
    launchy (2.4.2)
      addressable (~> 2.3)
    libyajl2 (1.2.0)
    license_finder (1.1.1)
      bundler
      httparty
      sequel
      sqlite3
      thor
      xml-simple
    listen (3.0.5)
      rb-fsevent (>= 0.9.3)
      rb-inotify (>= 0.9)
    lumberjack (1.0.10)
    mail (2.6.3)
      mime-types (>= 1.16, < 3)
    mail_view (2.0.4)
      tilt
    method_source (0.8.2)
    mime-types (2.99.1)
    mimemagic (0.3.0)
    mini_portile2 (2.1.0)
    minitest (5.8.4)
    mixlib-authentication (1.3.0)
      mixlib-log
    mixlib-cli (1.5.0)
    mixlib-config (2.2.1)
    mixlib-log (1.6.0)
    mixlib-shellout (2.2.3)
    multi_json (1.11.2)
    multi_xml (0.5.5)
    multipart-post (2.0.0)
    nenv (0.2.0)
    net-ssh (2.9.2)
    net-ssh-gateway (1.2.0)
      net-ssh (>= 2.6.5)
    net-ssh-multi (1.2.1)
      net-ssh (>= 2.6.5)
      net-ssh-gateway (>= 1.2.0)
    newrelic_rpm (3.14.0.305)
    nokogiri (1.6.8)
      mini_portile2 (~> 2.1.0)
      pkg-config (~> 1.1.7)
    notiffany (0.0.8)
      nenv (~> 0.1)
      shellany (~> 0.0)
    oauth2 (1.0.0)
      faraday (>= 0.8, < 0.10)
      jwt (~> 1.0)
      multi_json (~> 1.3)
      multi_xml (~> 0.5)
      rack (~> 1.2)
    octokit (3.8.0)
      sawyer (~> 0.6.0, >= 0.5.3)
    ohai (8.4.0)
      ffi (~> 1.9)
      ffi-yajl (>= 1.1, < 3.0)
      ipaddress
      mime-types (~> 2.0)
      mixlib-cli
      mixlib-config (~> 2.0)
      mixlib-log
      mixlib-shellout (~> 2.0)
      rake (~> 10.1)
      systemu (~> 2.6.4)
      wmi-lite (~> 1.0)
    omniauth (1.2.2)
      hashie (>= 1.2, < 4)
      rack (~> 1.0)
    omniauth-chef-oauth2 (1.0.3)
      omniauth (~> 1.0)
      omniauth-oauth2 (~> 1.0)
    omniauth-github (1.1.2)
      omniauth (~> 1.0)
      omniauth-oauth2 (~> 1.1)
    omniauth-oauth2 (1.2.0)
      faraday (>= 0.8, < 0.10)
      multi_json (~> 1.3)
      oauth2 (~> 1.0)
      omniauth (~> 1.2)
    paperclip (4.3.6)
      activemodel (>= 3.2.0)
      activesupport (>= 3.2.0)
      cocaine (~> 0.5.5)
      mime-types
      mimemagic (= 0.3.0)
    parser (2.3.0.2)
      ast (~> 2.2)
    pg (0.17.1)
    pg_search (0.7.6)
      activerecord (>= 3.1)
      activesupport (>= 3.1)
      arel
    pkg-config (1.1.7)
    plist (3.1.0)
    poltergeist (1.8.1)
      capybara (~> 2.1)
      cliver (~> 0.3.1)
      multi_json (~> 1.0)
      websocket-driver (>= 0.2.0)
    polyglot (0.3.5)
    powerpack (0.1.1)
    premailer (1.8.2)
      css_parser (>= 1.3.5)
      htmlentities (>= 4.0.0)
    premailer-rails (1.8.0)
      actionmailer (>= 3, < 5)
      premailer (~> 1.7, >= 1.7.9)
    pry (0.10.3)
      coderay (~> 1.1.0)
      method_source (~> 0.8.1)
      slop (~> 3.4)
    pry-rails (0.3.4)
      pry (>= 0.9.10)
    pundit (0.3.0)
      activesupport (>= 3.0.0)
    quiet_assets (1.0.3)
      railties (>= 3.1, < 5.0)
    rack (1.5.5)
    rack-test (0.6.3)
      rack (>= 1.0)
    rails (4.1.14.2)
      actionmailer (= 4.1.14.2)
      actionpack (= 4.1.14.2)
      actionview (= 4.1.14.2)
      activemodel (= 4.1.14.2)
      activerecord (= 4.1.14.2)
      activesupport (= 4.1.14.2)
      bundler (>= 1.3.0, < 2.0)
      railties (= 4.1.14.2)
      sprockets-rails (~> 2.0)
    railties (4.1.14.2)
      actionpack (= 4.1.14.2)
      activesupport (= 4.1.14.2)
      rake (>= 0.8.7)
      thor (>= 0.18.1, < 2.0)
    rainbow (2.1.0)
    raindrops (0.13.0)
    rake (10.5.0)
    rb-fsevent (0.9.7)
    rb-inotify (0.9.5)
      ffi (>= 0.5.0)
    rb-readline (0.5.3)
    redcarpet (3.3.2)
    redis (3.3.0)
    redis-actionpack (4.0.0)
      actionpack (~> 4)
      redis-rack (~> 1.5.0)
      redis-store (~> 1.1.0)
    redis-activesupport (4.0.0)
      activesupport (~> 4)
      redis-store (~> 1.1.0)
    redis-rack (1.5.0)
      rack (~> 1.5)
      redis-store (~> 1.1.0)
    redis-rails (4.0.0)
      redis-actionpack (~> 4)
      redis-activesupport (~> 4)
      redis-store (~> 1.1.0)
    redis-store (1.1.4)
      redis (>= 2.2)
    rinku (1.7.3)
    rollout (2.0.0)
      redis
    rspec (3.4.0)
      rspec-core (~> 3.4.0)
      rspec-expectations (~> 3.4.0)
      rspec-mocks (~> 3.4.0)
    rspec-core (3.4.2)
      rspec-support (~> 3.4.0)
    rspec-expectations (3.4.0)
      diff-lcs (>= 1.2.0, < 2.0)
      rspec-support (~> 3.4.0)
    rspec-mocks (3.4.1)
      diff-lcs (>= 1.2.0, < 2.0)
      rspec-support (~> 3.4.0)
    rspec-rails (3.4.1)
      actionpack (>= 3.0, < 4.3)
      activesupport (>= 3.0, < 4.3)
      railties (>= 3.0, < 4.3)
      rspec-core (~> 3.4.0)
      rspec-expectations (~> 3.4.0)
      rspec-mocks (~> 3.4.0)
      rspec-support (~> 3.4.0)
    rspec-support (3.4.1)
    rubocop (0.36.0)
      parser (>= 2.3.0.0, < 3.0)
      powerpack (~> 0.1)
      rainbow (>= 1.99.1, < 3.0)
      ruby-progressbar (~> 1.7)
    ruby-progressbar (1.7.5)
    ruby2ruby (2.2.0)
      ruby_parser (~> 3.1)
      sexp_processor (~> 4.0)
    ruby_parser (3.7.1)
      sexp_processor (~> 4.1)
    rufus-lru (1.1.0)
    safe_yaml (1.0.4)
    sass (3.2.19)
    sass-globbing (1.1.1)
      sass (>= 3.1)
    sass-rails (4.0.4)
      railties (>= 4.0.0, < 5.0)
      sass (~> 3.2.2)
      sprockets (~> 2.8, < 2.12)
      sprockets-rails (~> 2.0)
    sawyer (0.6.0)
      addressable (~> 2.3.5)
      faraday (~> 0.8, < 0.10)
    semverse (1.2.1)
    sentry-raven (0.13.3)
      faraday (>= 0.7.6)
    sequel (4.15.0)
    sexp_processor (4.6.0)
    shellany (0.0.1)
    shoulda-matchers (2.8.0)
      activesupport (>= 3.0.0)
    sidekiq (4.1.2)
      concurrent-ruby (~> 1.0)
      connection_pool (~> 2.2, >= 2.2.0)
      redis (~> 3.2, >= 3.2.1)
    sidetiq (0.7.0)
      celluloid (>= 0.17.3)
      ice_cube (~> 0.13.2)
      sidekiq (>= 4.0.0)
    sitemap_generator (5.0.5)
      builder
    slim (3.0.6)
      temple (~> 0.7.3)
      tilt (>= 1.3.3, < 2.1)
    slop (3.6.0)
    spring (1.1.3)
    spring-commands-rspec (1.0.2)
      spring (>= 0.9.1)
    sprockets (2.11.3)
      hike (~> 1.2)
      multi_json (~> 1.0)
      rack (~> 1.0)
      tilt (~> 1.1, != 1.3.0)
    sprockets-rails (2.3.3)
      actionpack (>= 3.0)
      activesupport (>= 3.0)
      sprockets (>= 2.8, < 4.0)
    sqlite3 (1.3.9)
    statsd-ruby (1.2.1)
    systemu (2.6.5)
    temple (0.7.6)
    terminal-table (1.5.2)
    thor (0.19.1)
    thread_safe (0.3.5)
    tilt (1.4.1)
    timers (4.1.1)
      hitimes
    tomlrb (1.1.1)
    treetop (1.6.5)
      polyglot (~> 0.3)
    tzinfo (1.2.2)
      thread_safe (~> 0.1)
    uglifier (2.7.2)
      execjs (>= 0.3.0)
      json (>= 1.8.0)
    unicorn (4.8.3)
      kgio (~> 2.6)
      rack
      raindrops (~> 0.7)
    unicorn-rails (2.2.0)
      rack
      unicorn
    utf8-cleaner (0.0.9)
    uuidtools (2.1.5)
    validate_url (0.2.2)
      activemodel (>= 3.0.0)
      addressable
    vcr (2.9.2)
    virtus (1.0.2)
      axiom-types (~> 0.1)
      coercible (~> 1.0)
      descendants_tracker (~> 0.0.3)
      equalizer (~> 0.0.9)
    webmock (1.20.0)
      addressable (>= 2.3.6)
      crack (>= 0.3.2)
    websocket-driver (0.6.3)
      websocket-extensions (>= 0.1.0)
    websocket-extensions (0.1.2)
    wmi-lite (1.0.0)
    xml-simple (1.1.4)
    xpath (2.0.0)
      nokogiri (~> 1.3)
    yajl-ruby (1.2.1)
    yard (0.8.7.6)

PLATFORMS
  ruby

DEPENDENCIES
  and_feathers (>= 1.0.0.pre)
  and_feathers-gzipped_tarball (>= 1.0.0.pre)
  aws-sdk
  brakeman
  bundler-audit!
  byebug
  capybara
  chef
  compass-rails
  database_cleaner
  dotenv
  factory_girl
  faker
  fieri!
  foreman
  guard
  guard-rspec
  guard-rubocop
  html_truncator
  jbuilder
  kaminari
  launchy
  license_finder
  mail_view
  mixlib-authentication
  newrelic_rpm
  nokogiri
  octokit
  omniauth
  omniauth-chef-oauth2
  omniauth-github
  paperclip
  pg
  pg_search
  poltergeist
  premailer-rails
  pry-rails
  pundit
  quiet_assets
  rails (~> 4.1.14)
  rb-readline
  redcarpet
  redis-rails
  rinku
  rollout
  rspec-rails (~> 3.4.1)
  rubocop (>= 0.23.0)
  sass-globbing
  sass-rails (~> 4.0.4)
  semverse
  sentry-raven (~> 0.13.3)
  shoulda-matchers (~> 2.8)
  sidekiq (~> 4.0)
  sidetiq (~> 0.7)
  sitemap_generator
  spring
  spring-commands-rspec
  sprockets (~> 2.11.3)
  statsd-ruby
  tomlrb
  uglifier (~> 2.7)
  unicorn
  unicorn-rails
  utf8-cleaner
  validate_url
  vcr
  virtus (= 1.0.2)
  webmock
  yajl-ruby
  yard

BUNDLED WITH
   1.12.3
